GEM
  remote: https://rubygems.org/
  specs:
    sorbet (0.5.9889)
      sorbet-static (= 0.5.9889)
    sorbet-static (0.5.9889-universal-darwin-14)
    sorbet-static (0.5.9889-universal-darwin-15)
    sorbet-static (0.5.9889-universal-darwin-16)
    sorbet-static (0.5.9889-universal-darwin-17)
    sorbet-static (0.5.9889-universal-darwin-18)
    sorbet-static (0.5.9889-universal-darwin-19)
    sorbet-static (0.5.9889-universal-darwin-20)
    sorbet-static (0.5.9889-universal-darwin-21)
    sorbet-static (0.5.9889-x86_64-linux)

PLATFORMS
  ruby

DEPENDENCIES
  sorbet (= 0.5.9889)

RUBY VERSION
   ruby 3.1.2p20

BUNDLED WITH
   2.3.11
